GEM
  remote: http://rubygems.org/
  specs:
    albino (1.3.3)
      posix-spawn (>= 0.3.6)
    builder (3.0.0)
    columnize (0.3.6)
    cucumber (1.1.0)
      builder (>= 2.1.2)
      diff-lcs (>= 1.1.2)
      gherkin (~> 2.5.0)
      json (>= 1.4.6)
      term-ansicolor (>= 1.0.6)
    diff-lcs (1.1.3)
    facets (2.9.2)
    ffi (1.0.11)
    ffi (1.0.11-java)
    gherkin (2.5.1)
      json (>= 1.4.6)
    gherkin (2.5.1-java)
      json (>= 1.4.6)
    guard (0.9.4)
      ffi (>= 0.5.0)
      thor (~> 0.14.6)
    json (1.6.1)
    json (1.6.1-java)
    linecache (0.46)
      rbx-require-relative (> 0.0.4)
    log4jruby (0.4.0)
    mechanize (2.0.1)
      net-http-digest_auth (~> 1.1, >= 1.1.1)
      net-http-persistent (~> 1.8)
      nokogiri (~> 1.4)
      webrobots (~> 0.0, >= 0.0.9)
    mustache (0.99.4)
    net-http-digest_auth (1.1.1)
    net-http-persistent (1.9)
    nokogiri (1.5.0)
    nokogiri (1.5.0-java)
    posix-spawn (0.3.6)
    rake (0.9.2)
    rbx-require-relative (0.0.5)
    redcarpet (2.0.1)
    rocco (0.8)
      mustache
      redcarpet
    rspec (2.6.0)
      rspec-core (~> 2.6.0)
      rspec-expectations (~> 2.6.0)
      rspec-mocks (~> 2.6.0)
    rspec-core (2.6.4)
    rspec-expectations (2.6.0)
      diff-lcs (~> 1.1.2)
    rspec-mocks (2.6.0)
    ruby-debug (0.10.4)
      columnize (>= 0.1)
      ruby-debug-base (~> 0.10.4.0)
    ruby-debug-base (0.10.4)
      linecache (>= 0.3)
    ruby-debug-base (0.10.4-java)
    shoes-cucumber (0.0.2)
      cucumber
      rspec
      shoes-mocks
    shoes-mocks (0.0.2)
      rspec
    spork (0.8.5)
    term-ansicolor (1.0.6)
    thor (0.14.6)
    webrobots (0.0.11)
      nokogiri (>= 1.4.4)
    yard (0.7.4)

PLATFORMS
  java
  ruby

DEPENDENCIES
  albino
  cucumber
  facets
  gherkin
  guard
  log4jruby
  mechanize
  rake
  redcarpet
  rocco
  rspec
  ruby-debug
  shoes-cucumber
  spork
  yard
